GEM
  remote: https://rubygems.org/
  specs:
    execjs (2.7.0)
    libv8 (3.3.10.4)
    rake (0.9.2.2)
    therubyracer (0.9.10)
      libv8 (~> 3.3.10)
    uglifier (4.1.11)
      execjs (>= 0.3.0, < 3)

PLATFORMS
  ruby

DEPENDENCIES
  rake
  therubyracer
  uglifier (>= 2.7.2)

BUNDLED WITH
   1.16.1
